GEM
  remote: https://rubygems.org/
  specs:
    coderay (1.1.2)
    method_source (0.9.0)
    pry (0.11.3)
      coderay (~> 1.1.0)
      method_source (~> 0.9.0)
    rubyzip (1.2.1)

PLATFORMS
  ruby

DEPENDENCIES
  pry
  rubyzip

BUNDLED WITH
   1.16.0.pre.2
